GIT
  remote: git@github.com:alphagov/daemonette.git
  revision: 8179408a2db8f2e882965a2b95ddfc4cdf5230f3
  specs:
    daemonette (0.1.0)

GEM
  remote: http://rubygems.org/
  remote: https://gems.gemfury.com/vo6ZrmjBQu5szyywDszE/
  specs:
    PriorityQueue (0.1.2)
    actionmailer (3.1.3)
      actionpack (= 3.1.3)
      mail (~> 2.3.0)
    actionpack (3.1.3)
      activemodel (= 3.1.3)
      activesupport (= 3.1.3)
      builder (~> 3.0.0)
      erubis (~> 2.7.0)
      i18n (~> 0.6)
      rack (~> 1.3.5)
      rack-cache (~> 1.1)
      rack-mount (~> 0.8.2)
      rack-test (~> 0.6.1)
      sprockets (~> 2.0.3)
    activemodel (3.1.3)
      activesupport (= 3.1.3)
      builder (~> 3.0.0)
      i18n (~> 0.6)
    activerecord (3.1.3)
      activemodel (= 3.1.3)
      activesupport (= 3.1.3)
      arel (~> 2.2.1)
      tzinfo (~> 0.3.29)
    activeresource (3.1.3)
      activemodel (= 3.1.3)
      activesupport (= 3.1.3)
    activesupport (3.1.3)
      multi_json (~> 1.0)
    addressable (2.2.6)
    arel (2.2.1)
    aws-ses (0.4.4)
      builder
      mail (> 2.2.5)
      mime-types
      xml-simple
    bson (1.5.2)
    bson_ext (1.5.2)
      bson (= 1.5.2)
    builder (3.0.0)
    capybara (1.0.1)
      mime-types (>= 1.16)
      nokogiri (>= 1.3.3)
      rack (>= 1.0.0)
      rack-test (>= 0.5.4)
      selenium-webdriver (~> 2.0)
      xpath (~> 0.1.4)
    capybara-webkit (0.7.2)
      capybara (>= 1.0.0, < 1.2)
    cdn_helpers (0.9)
      actionpack
      nokogiri
    childprocess (0.2.3)
      ffi (~> 1.0.6)
    chronic (0.6.6)
    ci_reporter (1.6.9)
      builder (>= 2.1.2)
    colorize (0.5.8)
    crack (0.3.1)
    daemon_controller (0.2.6)
    database_cleaner (0.7.0)
    erubis (2.7.0)
    exception_notification (2.4.1)
    fabrication (1.2.0)
    factory_girl (2.3.2)
      activesupport
    factory_girl_rails (1.4.0)
      factory_girl (~> 2.3.0)
      railties (>= 3.0.0)
    faker (1.0.1)
      i18n (~> 0.4)
    faraday (0.6.1)
      addressable (~> 2.2.4)
      multipart-post (~> 1.1.0)
      rack (>= 1.1.0, < 2)
    fastthread (1.0.7)
    ffi (1.0.11)
    formtastic (2.0.2)
      rails (~> 3.0)
    gds-api-adapters (0.0.40)
      lrucache (~> 0.1.1)
      null_logger
      plek
    gds-sso (0.4.3)
      oa-core (= 0.2.6)
      oa-oauth (= 0.2.6)
      oauth2 (= 0.4.1)
      plek
      rack-accept (~> 0.4.4)
      rails (>= 3.0.0)
      warden (= 1.0.6)
    gds-warmup-controller (0.0.2)
      rails (>= 3.0.0)
    gelf (1.1.3)
      json
    govspeak (0.8.9)
      htmlentities (~> 4)
      kramdown (~> 0.13.3)
    graylog2_exceptions (1.3.0)
      gelf (= 1.1.3)
    has_scope (0.5.1)
    hike (1.2.1)
    htmlentities (4.3.1)
    i18n (0.6.0)
    inherited_resources (1.3.0)
      has_scope (~> 0.5.0)
      responders (~> 0.6.0)
    json (1.6.5)
    kramdown (0.13.4)
    launchy (2.0.5)
      addressable (~> 2.2.6)
    lockfile (2.1.0)
    lrucache (0.1.1)
      PriorityQueue (~> 0.1.2)
    mail (2.3.0)
      i18n (>= 0.4.0)
      mime-types (~> 1.16)
      treetop (~> 1.4.8)
    marples (1.0.5)
      activesupport
      i18n
      null_logger
    metaclass (0.0.1)
    mime-types (1.17.2)
    mocha (0.10.0)
      metaclass (~> 0.0.1)
    mongo (1.5.2)
      bson (= 1.5.2)
    mongoid (2.3.4)
      activemodel (~> 3.1)
      mongo (~> 1.3)
      tzinfo (~> 0.3.22)
    multi_json (1.0.4)
    multi_xml (0.2.2)
    multipart-post (1.1.4)
    nokogiri (1.5.0)
    null_logger (0.0.1)
    oa-core (0.2.6)
    oa-oauth (0.2.6)
      faraday (~> 0.6.1)
      multi_json (~> 1.0.0)
      multi_xml (~> 0.2.2)
      oa-core (= 0.2.6)
      oauth (~> 0.4.0)
      oauth2 (~> 0.4.1)
    oauth (0.4.5)
    oauth2 (0.4.1)
      faraday (~> 0.6.1)
      multi_json (>= 0.0.5)
    passenger (3.0.11)
      daemon_controller (>= 0.2.5)
      fastthread (>= 1.0.1)
      rack
      rake (>= 0.8.1)
    pethau (0.0.3)
    plek (0.1.20)
      builder
    polyglot (0.3.3)
    rack (1.3.5)
    rack-accept (0.4.4)
      rack (>= 0.4)
    rack-cache (1.1)
      rack (>= 0.4)
    rack-mount (0.8.3)
      rack (>= 1.0.0)
    rack-ssl (1.3.2)
      rack
    rack-test (0.6.1)
      rack (>= 1.0)
    rails (3.1.3)
      actionmailer (= 3.1.3)
      actionpack (= 3.1.3)
      activerecord (= 3.1.3)
      activeresource (= 3.1.3)
      activesupport (= 3.1.3)
      bundler (~> 1.0)
      railties (= 3.1.3)
    railties (3.1.3)
      actionpack (= 3.1.3)
      activesupport (= 3.1.3)
      rack-ssl (~> 1.3.2)
      rake (>= 0.8.7)
      rdoc (~> 3.4)
      thor (~> 0.14.6)
    rake (0.9.2)
    rdoc (3.12)
      json (~> 1.4)
    responders (0.6.4)
    rest-client (1.6.7)
      mime-types (>= 1.16)
    router-client (2.0.3)
      builder
      null_logger
    rubyzip (0.9.5)
    rummageable (0.1.3)
      json
      plek
      rest-client
    selenium-webdriver (2.15.0)
      childprocess (>= 0.2.1)
      ffi (~> 1.0.9)
      multi_json (~> 1.0.4)
      rubyzip
    shoulda (2.11.3)
    simplecov (0.4.2)
      simplecov-html (~> 0.4.4)
    simplecov-html (0.4.5)
    simplecov-rcov (0.2.3)
      simplecov (>= 0.4.1)
    slimmer (1.1.31)
      json
      nokogiri (~> 1.5.0)
      null_logger
      plek (>= 0.1.8)
      rack (~> 1.3.5)
    sprockets (2.0.3)
      hike (~> 1.2)
      rack (~> 1.0)
      tilt (~> 1.1, != 1.3.0)
    state_machine (1.1.0)
    stomp (1.1.9)
    test-unit (2.4.3)
    thor (0.14.6)
    tilt (1.3.3)
    timecop (0.3.5)
    treetop (1.4.10)
      polyglot
      polyglot (>= 0.3.1)
    tzinfo (0.3.31)
    warden (1.0.6)
      rack (>= 1.0)
    webmock (1.7.8)
      addressable (~> 2.2, > 2.2.5)
      crack (>= 0.1.7)
    whenever (0.7.1)
      activesupport (>= 2.3.4)
      chronic (~> 0.6.3)
    xml-simple (1.1.1)
    xpath (0.1.4)
      nokogiri (~> 1.3)

PLATFORMS
  ruby

DEPENDENCIES
  aws-ses
  bson (= 1.5.2)
  bson_ext (= 1.5.2)
  capybara (~> 1.0.0)
  capybara-webkit
  cdn_helpers (= 0.9)
  ci_reporter
  colorize (~> 0.5.8)
  daemonette!
  database_cleaner
  erubis
  exception_notification (~> 2.4.1)
  fabrication
  factory_girl_rails
  faker
  formtastic (~> 2.0.0)
  gds-api-adapters (~> 0.0.23)
  gds-sso (~> 0.4.2)
  gds-warmup-controller
  gelf
  govspeak (~> 0.8.7)
  graylog2_exceptions
  has_scope
  inherited_resources
  launchy
  lockfile
  marples (~> 1)
  mocha
  mongo (= 1.5.2)
  mongoid (~> 2.3)
  null_logger
  passenger
  pethau (= 0.0.3)
  plek (~> 0)
  rack (= 1.3.5)
  rails (= 3.1.3)
  rake (= 0.9.2)
  rest-client
  router-client (= 2.0.3)
  rummageable
  selenium-webdriver
  shoulda
  simplecov (= 0.4.2)
  simplecov-rcov
  slimmer (~> 1.1)
  state_machine
  stomp (= 1.1.9)
  test-unit
  timecop
  webmock
  whenever
